PATH
  remote: .
  specs:
    rom-neighbor (0.0.1)

GEM
  remote: https://rubygems.org/
  specs:
    ast (2.4.2)
    brakeman (5.4.1)
    bundler-audit (0.9.1)
      bundler (>= 1.2.0, < 3)
      thor (~> 1.0)
    byebug (11.1.3)
    diff-lcs (1.5.0)
    dotenv (2.8.1)
    json (2.6.3)
    parallel (1.22.1)
    parser (3.2.2.0)
      ast (~> 2.4.1)
    rainbow (3.1.1)
    rake (13.0.6)
    regexp_parser (2.7.0)
    rexml (3.2.5)
    rspec (3.12.0)
      rspec-core (~> 3.12.0)
      rspec-expectations (~> 3.12.0)
      rspec-mocks (~> 3.12.0)
    rspec-core (3.12.1)
      rspec-support (~> 3.12.0)
    rspec-expectations (3.12.2)
      diff-lcs (>= 1.2.0, < 2.0)
      rspec-support (~> 3.12.0)
    rspec-mocks (3.12.5)
      diff-lcs (>= 1.2.0, < 2.0)
      rspec-support (~> 3.12.0)
    rspec-support (3.12.0)
    rubocop (1.49.0)
      json (~> 2.3)
      parallel (~> 1.10)
      parser (>= 3.2.0.0)
      rainbow (>= 2.2.2, < 4.0)
      regexp_parser (>= 1.8, < 3.0)
      rexml (>= 3.2.5, < 4.0)
      rubocop-ast (>= 1.28.0, < 2.0)
      ruby-progressbar (~> 1.7)
      unicode-display_width (>= 2.4.0, < 3.0)
    rubocop-ast (1.28.0)
      parser (>= 3.2.1.0)
    rubocop-performance (1.16.0)
      rubocop (>= 1.7.0, < 2.0)
      rubocop-ast (>= 0.4.0)
    rubocop-sequel (0.3.4)
      rubocop (~> 1.0)
    rubocop-shopify (2.12.0)
      rubocop (~> 1.44)
    ruby-progressbar (1.13.0)
    thor (1.2.1)
    unicode-display_width (2.4.2)

PLATFORMS
  aarch64-linux
  aarch64-linux-musl
  arm64-darwin-21
  arm64-darwin-22
  x86_64-linux
  x86_64-linux-musl

DEPENDENCIES
  brakeman
  bundler-audit
  byebug
  dotenv
  rake (~> 13.0)
  rom-neighbor!
  rspec (~> 3.0)
  rubocop (~> 1.21)
  rubocop-performance
  rubocop-sequel
  rubocop-shopify

BUNDLED WITH
   2.4.10
